GEM
  remote: http://rubygems.org/
  specs:
    json (1.5.1)
    mime-types (1.16)
    rake (0.8.7)
    rest-client (1.6.1)
      mime-types (>= 1.16)

PLATFORMS
  ruby

DEPENDENCIES
  json
  rake
  rest-client
